PATH
  remote: .
  specs:
    capita_git (0.1.5)
      git (>= 1.2.5)
      thor (>= 0.14.6)

GEM
  remote: http://rubygems.org/
  specs:
    git (1.2.5)
    hpricot (0.8.3)
    mustache (0.12.0)
    open4 (1.0.1)
    rdiscount (1.6.5)
    ronn (0.7.3)
      hpricot (>= 0.8.2)
      mustache (>= 0.7.0)
      rdiscount (>= 1.5.8)
    shoulda (2.11.3)
    simplecov (0.3.9)
      simplecov-html (>= 0.3.7)
    simplecov-html (0.3.9)
    thor (0.14.6)

PLATFORMS
  ruby

DEPENDENCIES
  capita_git!
  git (>= 1.2.5)
  open4
  ronn (>= 0.7.3)
  shoulda (>= 2.11.0)
  simplecov
  thor (>= 0.14.6)
